GEM
  remote: https://rubygems.org/
  specs:
    activerecord (3.2.14)
    coderay (1.1.2)
    concurrent-ruby (1.1.10)
    faker (2.6.0)
      i18n (>= 1.6, < 1.8)
    i18n (1.7.1)
      concurrent-ruby (~> 1.0)
    method_source (0.9.2)
    mustermann (1.0.3)
    pry (0.12.2)
      coderay (~> 1.1.0)
      method_source (~> 0.9.0)
    rack (2.2.6.2)
    rack-protection (2.0.7)
      rack
    require_all (2.0.0)
    sinatra (2.0.7)
      mustermann (~> 1.0)
      rack (~> 2.0)
      rack-protection (= 2.0.7)
      tilt (~> 2.0)
    sinatra-activerecord (2.0.15)
      activerecord (>= 3.2)
      sinatra (>= 1.0)
    sqlite3 (1.4.1)
    tilt (2.0.10)

PLATFORMS
  ruby

DEPENDENCIES
  faker
  pry
  require_all
  sinatra-activerecord
  sqlite3

BUNDLED WITH
   2.0.2
